GEM
  remote: https://rubygems.org/
  specs:
    CFPropertyList (2.3.6)
    addressable (2.8.0)
      public_suffix (>= 2.0.2, < 5.0)
    diff-lcs (1.4.4)
    facter (2.5.7-universal-darwin)
      CFPropertyList (~> 2.2)
    fast_gettext (1.1.2)
    hiera (3.7.0)
    json-schema (2.8.1)
      addressable (>= 2.4)
    locale (2.1.3)
    metadata-json-lint (3.0.1)
      json-schema (~> 2.8)
      spdx-licenses (~> 1.0)
    mocha (1.13.0)
    multi_json (1.15.0)
    pathspec (1.0.0)
    public_suffix (4.0.6)
    puppet (5.5.22-universal-darwin)
      CFPropertyList (~> 2.2)
      facter (> 2.0.1, < 4)
      fast_gettext (~> 1.1.2)
      hiera (>= 3.2.1, < 4)
      locale (~> 2.1)
      multi_json (~> 1.10)
    puppet-lint (2.5.2)
    puppet-syntax (3.1.0)
      puppet (>= 5)
      rake
    puppetlabs_spec_helper (4.0.1)
      mocha (~> 1.0)
      pathspec (>= 0.2.1, < 1.1.0)
      puppet-lint (~> 2.0)
      puppet-syntax (>= 2.0, < 4)
      rspec-puppet (~> 2.0)
    rake (13.0.6)
    rspec (3.10.0)
      rspec-core (~> 3.10.0)
      rspec-expectations (~> 3.10.0)
      rspec-mocks (~> 3.10.0)
    rspec-core (3.10.1)
      rspec-support (~> 3.10.0)
    rspec-expectations (3.10.1)
      diff-lcs (>= 1.2.0, < 2.0)
      rspec-support (~> 3.10.0)
    rspec-mocks (3.10.2)
      diff-lcs (>= 1.2.0, < 2.0)
      rspec-support (~> 3.10.0)
    rspec-puppet (2.10.0)
      rspec
    rspec-support (3.10.2)
    spdx-licenses (1.3.0)
    sync (0.5.0)

PLATFORMS
  x86_64-darwin-20

DEPENDENCIES
  metadata-json-lint
  puppet (~> 5.5.22)
  puppet-lint
  puppet-syntax
  puppetlabs_spec_helper
  rspec-puppet
  sync

BUNDLED WITH
   2.2.27
